GEM
  remote: https://rubygems.org/
  specs:
    bigdecimal (3.1.9)
    liquid (5.6.0)
      bigdecimal
      strscan
    strscan (3.1.2)

PLATFORMS
  ruby
  x86_64-linux

DEPENDENCIES
  liquid

BUNDLED WITH
   2.6.2
